GIT
  remote: git://github.com/bernat/best_in_place.git
  revision: f6f108ecaba04d9990ceea03df00ca6006bb9b0f
  specs:
    best_in_place (3.0.3)
      actionpack (>= 3.2)
      railties (>= 3.2)

GIT
  remote: git://github.com/jonathonjones/write_xlsx.git
  revision: 08e24219c5c34928dcebaf742d96c1706cff8ffa
  specs:
    write_xlsx (0.0.4)
      rubyzip

GIT
  remote: git://github.com/metaskills/less-rails.git
  revision: cf4f5b1cb4ba4aa019fa50e522fd752f9e77792a
  specs:
    less-rails (2.7.0)
      actionpack (>= 4.0)
      less (~> 2.6.0)
      sprockets (> 2, < 4)
      tilt

GIT
  remote: git://github.com/pivotal/jasmine-gem.git
  revision: eb2c7043e0086d078f82a01e882ddead38d8fdc6
  specs:
    jasmine (2.3.1)
      jasmine-core (~> 2.3)
      phantomjs
      rack (>= 1.2.1)
      rake

GIT
  remote: git://github.com/rubycas/rubycas-client.git
  revision: 195a4b70333029be474b0ac70efdc85bd4288861
  branch: master
  specs:
    rubycas-client (2.3.10.rc1)
      activesupport

GIT
  remote: git@github.com:covaithe/yarjuf.git
  revision: 03e5928ab7708302f408c2f4cbfac7c76508ec59
  specs:
    yarjuf (1.0.5)
      builder
      rspec (>= 2.0)

PATH
  remote: ../analytics_client
  specs:
    analytics_client (0.0.3)

PATH
  remote: ../ctmcalc-client
  specs:
    ctmcalc-client (0.0.4)

PATH
  remote: ../ctmdecisionator-client
  specs:
    ctmdecisionator-client (0.0.10)
      activeresource

PATH
  remote: ../ctmroles-client
  specs:
    ctmroles-client (0.0.19)
      activeresource

PATH
  remote: ../custom_gems/job_status
  specs:
    job_status (0.0.1)
      aasm
      activerecord-sqlserver-adapter
      jquery-rails
      protected_attributes
      rails
      tiny_tds
      underscore-rails

PATH
  remote: ../custom_gems/shared_ctmweb_utils
  specs:
    shared_ctmweb_utils (0.0.1)
      acts_as_list
      awesome_nested_set
      jc-validates_timeliness
      paperclip
      uuidtools

PATH
  remote: ../custom_gems/shared_test_utils
  specs:
    shared_test_utils (0.0.1)
      rubycas-client

PATH
  remote: ../fiserv
  specs:
    fiserv (0.0.52)

PATH
  remote: ../tss
  specs:
    tss (0.0.1)
      aasm
      active_scaffold
      active_scaffold_export
      activerecord-sqlserver-adapter
      audited-activerecord
      cancancan
      carmen-rails
      chronic
      delayed_job_active_record
      fastercsv
      haml-rails
      paperclip
      protected_attributes
      rails
      simple-navigation
      slither
      spreadsheet
      tiny_tds
      whenever
      write_xlsx

GEM
  remote: http://rubygems.org/
  specs:
    RubyInline (3.12.4)
      ZenTest (~> 4.3)
    ZenTest (4.11.0)
    aasm (4.4.1)
    actionmailer (4.1.13)
      actionpack (= 4.1.13)
      actionview (= 4.1.13)
      mail (~> 2.5, >= 2.5.4)
    actionpack (4.1.13)
      actionview (= 4.1.13)
      activesupport (= 4.1.13)
      rack (~> 1.5.2)
      rack-test (~> 0.6.2)
    actionview (4.1.13)
      activesupport (= 4.1.13)
      builder (~> 3.1)
      erubis (~> 2.7.0)
    active_scaffold (3.4.35)
      rails (>= 3.2.22.2, < 5)
    active_scaffold_export (3.3.0)
      active_scaffold
      active_scaffold (>= 3.3.0.rc)
    activemodel (4.1.13)
      activesupport (= 4.1.13)
      builder (~> 3.1)
    activerecord (4.1.13)
      activemodel (= 4.1.13)
      activesupport (= 4.1.13)
      arel (~> 5.0.0)
    activerecord-session_store (0.1.1)
      actionpack (>= 4.0.0, < 5)
      activerecord (>= 4.0.0, < 5)
      railties (>= 4.0.0, < 5)
    activerecord-sqlserver-adapter (4.1.1)
      activerecord (~> 4.1.0)
      arel
    activeresource (4.0.0)
      activemodel (~> 4.0)
      activesupport (~> 4.0)
      rails-observers (~> 0.1.1)
    activesupport (4.1.13)
      i18n (~> 0.6, >= 0.6.9)
      json (~> 1.7, >= 1.7.7)
      minitest (~> 5.1)
      thread_safe (~> 0.1)
      tzinfo (~> 1.1)
    acts-as-taggable-on (3.5.0)
      activerecord (>= 3.2, < 5)
    acts_as_list (0.7.2)
      activerecord (>= 3.0)
    acts_as_tree (2.2.0)
      activerecord (>= 3.0.0)
    airbrake (4.3.3)
      builder
      multi_json
    american_date (1.1.1)
    angular-rails-templates (0.2.0)
      railties (>= 3.1)
      sprockets (~> 2)
      tilt
    angular-ui-bootstrap-rails (0.14.3)
    angularjs-rails (1.4.7)
    arel (5.0.1.20140414130214)
    audited (4.2.0)
      rails-observers (~> 0.1.2)
    audited-activerecord (4.2.0)
      activerecord (~> 4.0)
      audited (= 4.2.0)
    awesome_nested_set (3.0.2)
      activerecord (>= 4.0.0, < 5)
    better_errors (1.1.0)
      coderay (>= 1.0.0)
      erubis (>= 2.6.6)
    binding_of_caller (0.7.2)
      debug_inspector (>= 0.0.1)
    bootstrap_kaminari (0.0.5)
      kaminari (>= 0.12.4)
      rails (>= 3.1.0)
    bson (3.2.6)
    builder (3.2.2)
    business_time (0.7.4)
      activesupport (>= 3.1.0)
      tzinfo
    byebug (5.0.0)
      columnize (= 0.9.0)
    cancancan (1.13.1)
    capybara (2.5.0)
      mime-types (>= 1.16)
      nokogiri (>= 1.3.3)
      rack (>= 1.0.0)
      rack-test (>= 0.5.4)
      xpath (~> 2.0)
    carmen (1.0.2)
      activesupport (>= 3.0.0)
    carmen-rails (1.0.1)
      carmen (~> 1.0.0)
      rails
    chronic (0.10.2)
    climate_control (0.0.3)
      activesupport (>= 3.0)
    cocaine (0.5.7)
      climate_control (>= 0.0.3, < 1.0)
    coderay (1.1.0)
    coffee-rails (4.0.1)
      coffee-script (>= 2.2.0)
      railties (>= 4.0.0, < 5.0)
    coffee-script (2.4.1)
      coffee-script-source
      execjs
    coffee-script-source (1.9.1.1)
    columnize (0.9.0)
    commonjs (0.2.7)
    daemons (1.2.3)
    debug_inspector (0.0.2)
    default_value_for (3.0.1)
      activerecord (>= 3.2.0, < 5.0)
    delayed_job (4.1.1)
      activesupport (>= 3.0, < 5.0)
    delayed_job_active_record (4.1.0)
      activerecord (>= 3.0, < 5)
      delayed_job (>= 3.0, < 5)
    delayed_job_web (1.2.10)
      activerecord (> 3.0.0)
      delayed_job (> 2.0.3)
      sinatra (>= 1.4.4)
    diff-lcs (1.2.5)
    dotenv (2.0.2)
    erubis (2.7.0)
    execjs (2.6.0)
    factory_girl (4.5.0)
      activesupport (>= 3.0.0)
    factory_girl_rails (4.5.0)
      factory_girl (~> 4.5.0)
      railties (>= 3.0.0)
    fastercsv (1.5.5)
    flowdock (0.7.0)
      httparty (~> 0.7)
      multi_json
    font-awesome-rails (4.4.0.0)
      railties (>= 3.2, < 5.0)
    foreman (0.78.0)
      thor (~> 0.19.1)
    fuubar (2.0.0)
      rspec (~> 3.0)
      ruby-progressbar (~> 1.4)
    fuzzy-string-match (0.9.4)
      RubyInline (>= 3.8.6)
    haml (3.1.7)
    haml-rails (0.5.3)
      actionpack (>= 4.0.1)
      activesupport (>= 4.0.1)
      haml (>= 3.1, < 5.0)
      railties (>= 4.0.1)
    highcharts-rails (3.0.10)
      railties (>= 3.1)
    hike (1.2.3)
    holidays (2.2.0)
    httparty (0.13.7)
      json (~> 1.8)
      multi_xml (>= 0.5.2)
    i18n (0.7.0)
    jasmine-core (2.3.4)
    jbuilder (2.3.2)
      activesupport (>= 3.0.0, < 5)
      multi_json (~> 1.2)
    jc-validates_timeliness (3.1.1)
      timeliness (~> 0.3.7)
    jquery-datatables-rails (3.3.0)
      actionpack (>= 3.1)
      jquery-rails
      railties (>= 3.1)
      sass-rails
    jquery-rails (3.1.2)
      railties (>= 3.0, < 5.0)
      thor (>= 0.14, < 2.0)
    jquery-tablesorter (1.19.0)
      railties (>= 3.2, < 5)
    jquery-ui-rails (5.0.5)
      railties (>= 3.2.16)
    json (1.8.3)
    kaminari (0.16.3)
      actionpack (>= 3.0.0)
      activesupport (>= 3.0.0)
    less (2.6.0)
      commonjs (~> 0.2.7)
    libv8 (3.16.14.13)
    mail (2.6.4)
      mime-types (>= 1.16, < 4)
    method_source (0.8.2)
    mime-types (3.0)
      mime-types-data (~> 3.2015)
    mime-types-data (3.2016.0221)
    mimemagic (0.3.0)
    mini_portile (0.6.2)
    mini_portile2 (2.0.0)
    minitest (5.8.4)
    mongo (2.1.2)
      bson (~> 3.0)
    mongoid (5.0.1)
      activemodel (~> 4.0)
      mongo (~> 2.1)
      origin (~> 2.1)
      tzinfo (>= 0.3.37)
    multi_json (1.11.2)
    multi_xml (0.5.5)
    net-sftp (2.1.2)
      net-ssh (>= 2.6.5)
    net-ssh (3.0.1)
    nokogiri (1.6.7.2)
      mini_portile (~> 0.6.0)
    origin (2.1.1)
    paperclip (4.3.1)
      activemodel (>= 3.2.0)
      activesupport (>= 3.2.0)
      cocaine (~> 0.5.5)
      mime-types
      mimemagic (= 0.3.0)
    phantomjs (1.9.8.0)
    pickadate-rails (3.5.6.0)
      railties (>= 3.1.0)
    polyamorous (1.1.0)
      activerecord (>= 3.0)
    predicated (0.2.6)
    protected_attributes (1.1.3)
      activemodel (>= 4.0.1, < 5.0)
    pry (0.10.3)
      coderay (~> 1.1.0)
      method_source (~> 0.8.1)
      slop (~> 3.4)
    pry-byebug (3.2.0)
      byebug (~> 5.0)
      pry (~> 0.10)
    pry-remote (0.1.8)
      pry (~> 0.9)
      slop (~> 3.0)
    rack (1.5.5)
    rack-protection (1.5.3)
      rack
    rack-test (0.6.3)
      rack (>= 1.0)
    rails (4.1.13)
      actionmailer (= 4.1.13)
      actionpack (= 4.1.13)
      actionview (= 4.1.13)
      activemodel (= 4.1.13)
      activerecord (= 4.1.13)
      activesupport (= 4.1.13)
      bundler (>= 1.3.0, < 2.0)
      railties (= 4.1.13)
      sprockets-rails (~> 2.0)
    rails-observers (0.1.2)
      activemodel (~> 4.0)
    railties (4.1.13)
      actionpack (= 4.1.13)
      activesupport (= 4.1.13)
      rake (>= 0.8.7)
      thor (>= 0.18.1, < 2.0)
    rake (11.1.2)
    ref (2.0.0)
    roo (1.13.2)
      nokogiri
      rubyzip
      spreadsheet (> 0.6.4)
    rspec (3.3.0)
      rspec-core (~> 3.3.0)
      rspec-expectations (~> 3.3.0)
      rspec-mocks (~> 3.3.0)
    rspec-core (3.3.2)
      rspec-support (~> 3.3.0)
    rspec-expectations (3.3.1)
      diff-lcs (>= 1.2.0, < 2.0)
      rspec-support (~> 3.3.0)
    rspec-its (1.2.0)
      rspec-core (>= 3.0.0)
      rspec-expectations (>= 3.0.0)
    rspec-legacy_formatters (1.0.0)
      rspec-core (>= 3.0.0.beta2)
      rspec-support (>= 3.0.0.beta2)
    rspec-mocks (3.3.2)
      diff-lcs (>= 1.2.0, < 2.0)
      rspec-support (~> 3.3.0)
    rspec-rails (3.3.3)
      actionpack (>= 3.0, < 4.3)
      activesupport (>= 3.0, < 4.3)
      railties (>= 3.0, < 4.3)
      rspec-core (~> 3.3.0)
      rspec-expectations (~> 3.3.0)
      rspec-mocks (~> 3.3.0)
      rspec-support (~> 3.3.0)
    rspec-support (3.3.0)
    ruby-ole (1.2.11.8)
    ruby-progressbar (1.7.5)
    ruby2ruby (2.2.0)
      ruby_parser (~> 3.1)
      sexp_processor (~> 4.0)
    ruby_parser (3.7.2)
      sexp_processor (~> 4.1)
    rubyzip (0.9.9)
    sass (3.2.19)
    sass-rails (4.0.5)
      railties (>= 4.0.0, < 5.0)
      sass (~> 3.2.2)
      sprockets (~> 2.8, < 3.0)
      sprockets-rails (~> 2.0)
    seedbed (1.1.1)
    sexp_processor (4.6.0)
    simple-navigation (3.13.0)
      activesupport (>= 2.3.2)
    simplecov (0.7.1)
      multi_json (~> 1.0)
      simplecov-html (~> 0.7.1)
    simplecov-html (0.7.1)
    simplecov-rcov (0.2.3)
      simplecov (>= 0.4.1)
    sinatra (1.4.6)
      rack (~> 1.4)
      rack-protection (~> 1.4)
      tilt (>= 1.3, < 3)
    slither (0.99.4)
    slop (3.6.0)
    spreadsheet (1.0.8)
      ruby-ole (>= 1.0)
    spring (1.4.0)
    spring-commands-rspec (1.0.4)
      spring (>= 0.9.1)
    sprockets (2.12.4)
      hike (~> 1.2)
      multi_json (~> 1.0)
      rack (~> 1.0)
      tilt (~> 1.1, != 1.3.0)
    sprockets-rails (2.3.3)
      actionpack (>= 3.0)
      activesupport (>= 3.0)
      sprockets (>= 2.8, < 4.0)
    squeel (1.2.3)
      activerecord (>= 3.0)
      activesupport (>= 3.0)
      polyamorous (~> 1.1.0)
    therubyracer (0.12.2)
      libv8 (~> 3.16.14.0)
      ref
    thor (0.19.1)
    thread_safe (0.3.5)
    tilt (1.4.1)
    timeliness (0.3.7)
    tiny_tds (0.7.0)
      mini_portile (= 0.6.2)
    twitter-bootstrap-rails (2.2.8)
      actionpack (>= 3.1)
      execjs
      rails (>= 3.1)
      railties (>= 3.1)
    tzinfo (1.2.2)
      thread_safe (~> 0.1)
    uglifier (2.7.2)
      execjs (>= 0.3.0)
      json (>= 1.8.0)
    underscore-rails (1.8.3)
    uuidtools (2.1.5)
    validates_as_postal_code (0.5.1)
    whenever (0.9.4)
      chronic (>= 0.6.3)
    wicked_pdf (1.0.0)
    wrong (0.7.1)
      diff-lcs (~> 1.2.5)
      predicated (~> 0.2.6)
      ruby2ruby (>= 2.0.1)
      ruby_parser (>= 3.0.1)
      sexp_processor (>= 4.0)
    xpath (2.0.0)
      nokogiri (~> 1.3)

PLATFORMS
  ruby

DEPENDENCIES
  aasm
  active_scaffold
  active_scaffold_export
  activerecord-session_store
  activerecord-sqlserver-adapter
  acts-as-taggable-on
  acts_as_list
  acts_as_tree
  airbrake
  american_date
  analytics_client!
  angular-rails-templates
  angular-ui-bootstrap-rails
  angularjs-rails
  awesome_nested_set
  best_in_place!
  better_errors (= 1.1.0)
  binding_of_caller
  bootstrap_kaminari
  business_time
  cancancan
  capybara
  chronic
  coffee-rails (~> 4.0.0)
  ctmcalc-client!
  ctmdecisionator-client!
  ctmroles-client!
  daemons
  default_value_for
  delayed_job_active_record
  delayed_job_web
  dotenv
  factory_girl_rails
  fiserv!
  flowdock
  font-awesome-rails
  foreman
  fuubar
  fuzzy-string-match (= 0.9.4)
  haml (= 3.1.7)
  haml-rails
  highcharts-rails (~> 3.0.0)
  holidays
  jasmine!
  jbuilder (~> 2.0)
  jc-validates_timeliness
  job_status!
  jquery-datatables-rails
  jquery-rails (= 3.1.2)
  jquery-tablesorter
  jquery-ui-rails
  kaminari
  less-rails!
  mini_portile2 (~> 2.0.0.rc2)
  mongoid
  net-sftp
  nokogiri
  paperclip
  pickadate-rails
  protected_attributes
  pry-byebug
  pry-remote
  rails (= 4.1.13)
  roo
  rspec-its
  rspec-legacy_formatters
  rspec-rails
  rubycas-client!
  rubyzip (< 1.0.0)
  sass-rails (~> 4.0.3)
  seedbed
  shared_ctmweb_utils!
  shared_test_utils!
  simple-navigation (= 3.13.0)
  simplecov (= 0.7.1)
  simplecov-rcov
  sinatra
  spreadsheet
  spring-commands-rspec
  squeel
  therubyracer
  tiny_tds (~> 0.7.0)
  tss!
  twitter-bootstrap-rails (= 2.2.8)
  uglifier (>= 1.3.0)
  underscore-rails
  validates_as_postal_code
  wicked_pdf
  write_xlsx!
  wrong
  yarjuf!

BUNDLED WITH
   1.11.2
